GIT
  remote: https://github.com/jellymann/gosu-ecs.git
  revision: 6fde3d752db84a0d049f420b7f6ac076b930e241
  specs:
    gosu-ecs (0.0.1)
      gosu (~> 0.7.50)

GEM
  remote: https://rubygems.org/
  specs:
    cri (2.1.0)
    faster_xml_simple (0.5.0)
      libxml-ruby (>= 0.3.8.4)
    gosu (0.7.50)
    gosu (0.7.50-x86-mingw32)
    httpclient (2.3.4.1)
    json (1.8.1)
    libxml-ruby (2.7.0)
    libxml-ruby (2.7.0-x86-mingw32)
    mini_portile (0.5.3)
    net-github-upload (0.0.8)
      faster_xml_simple
      httpclient
      json
      nokogiri (>= 1.4.0)
    nokogiri (1.6.1)
      mini_portile (~> 0.5.0)
    nokogiri (1.6.1-x86-mingw32)
      mini_portile (~> 0.5.0)
    ocra (1.3.1)
    rake (0.9.2.2)
    releasy (0.2.2)
      cri (~> 2.1.0)
      net-github-upload (~> 0.0.8)
      ocra (~> 1.3.0)
      rake (~> 0.9.2.2)
      thor (~> 0.14.6)
    thor (0.14.6)

PLATFORMS
  ruby
  x86-mingw32

DEPENDENCIES
  gosu
  gosu-ecs!
  json (~> 1.8.1)
  rake
  releasy
